GEM
  remote: https://rubygems.org/
  specs:
    multi_json (1.8.2)
    rack (1.5.2)
    rack-test (0.6.2)
      rack (>= 1.0)
    rake (10.1.0)
    rr (1.1.2)
    shoulda (2.11.3)

PLATFORMS
  java
  ruby

DEPENDENCIES
  multi_json
  rack-test
  rake
  rr
  shoulda (< 3.0)
