PATH
  remote: ../../..
  specs:
    rack-raw-upload (1.0.8)
      json

GEM
  remote: http://rubygems.org/
  specs:
    json (1.4.6)
    rack (1.3.3)
    sinatra (1.2.6)
      rack (~> 1.1)
      tilt (>= 1.2.2, < 2.0)
    tilt (1.3.3)

PLATFORMS
  ruby

DEPENDENCIES
  rack-raw-upload!
  sinatra
